GEM
  remote: http://rubygems.org/
  specs:
    commander (4.1.2)
      highline (~> 1.6.11)
    faraday (0.8.1)
      multipart-post (~> 1.1)
    highline (1.6.12)
    multi_json (1.3.6)
    multipart-post (1.1.5)
    simple_oauth (0.1.8)
    smart_colored (1.1.1)
    terminal-table (1.4.5)
    twitter (2.5.0)
      faraday (~> 0.8)
      multi_json (~> 1.3)
      simple_oauth (~> 0.1.6)

PLATFORMS
  ruby

DEPENDENCIES
  commander
  smart_colored
  terminal-table
  twitter
